GEM
  remote: http://rubygems.org/
  specs:
    bson (1.8.2)
    bson_ext (1.8.2)
      bson (~> 1.8.2)
    diff-lcs (1.2.1)
    json (1.7.7)
    mini_exiftool (1.6.0)
    mongo (1.8.2)
      bson (~> 1.8.2)
    mustache (0.99.4)
    rack (1.5.2)
    rack-protection (1.3.2)
      rack
    rack-test (0.6.2)
      rack (>= 1.0)
    rspec (2.13.0)
      rspec-core (~> 2.13.0)
      rspec-expectations (~> 2.13.0)
      rspec-mocks (~> 2.13.0)
    rspec-core (2.13.0)
    rspec-expectations (2.13.0)
      diff-lcs (>= 1.1.3, < 2.0)
    rspec-mocks (2.13.0)
    shotgun (0.9)
      rack (>= 1.0)
    sinatra (1.3.5)
      rack (~> 1.4)
      rack-protection (~> 1.3)
      tilt (~> 1.3, >= 1.3.3)
    tilt (1.3.4)

PLATFORMS
  ruby

DEPENDENCIES
  bson_ext
  json
  mini_exiftool
  mongo
  mustache
  rack-test
  rspec (>= 2.6.0)
  shotgun
  sinatra
